PATH
  remote: .
  specs:
    lims-messagebusclient (0.1.0)
      aequitas
      amqp
      facets
      mysql
      sequel
      virtus

PATH
  remote: ../lims-core
  specs:
    lims-core (1.4.1.1.0)
      active_support
      aequitas
      bunny (= 0.9.0.pre4)
      facets (= 2.9.3)
      sequel
      state_machine
      uuid
      virtus (= 0.2.0)

GEM
  remote: http://www.rubygems.org/
  specs:
    active_support (3.0.0)
      activesupport (= 3.0.0)
    activesupport (3.0.0)
    aequitas (0.0.2)
    amq-client (0.9.10)
      amq-protocol (>= 0.9.4)
      eventmachine
    amq-protocol (1.0.1)
    amqp (0.9.8)
      amq-client (~> 0.9.5)
      amq-protocol (>= 0.9.4)
      eventmachine
    bond (0.4.3)
    bunny (0.9.0.pre4)
      amq-protocol (>= 1.0.1)
    columnize (0.3.6)
    debugger (1.2.3)
      columnize (>= 0.3.1)
      debugger-linecache (~> 1.1.1)
      debugger-ruby_core_source (~> 1.1.5)
    debugger-completion (1.0.0)
      bond (>= 0.4.2)
      debugger (~> 1.1)
    debugger-linecache (1.1.2)
      debugger-ruby_core_source (>= 1.1.1)
    debugger-ruby_core_source (1.1.6)
    diff-lcs (1.1.3)
    eventmachine (1.0.0)
    facets (2.9.3)
    macaddr (1.6.1)
      systemu (~> 2.5.0)
    mysql (2.9.0)
    rack (1.4.4)
    rake (10.0.3)
    rspec (2.8.0)
      rspec-core (~> 2.8.0)
      rspec-expectations (~> 2.8.0)
      rspec-mocks (~> 2.8.0)
    rspec-core (2.8.0)
    rspec-expectations (2.8.0)
      diff-lcs (~> 1.1.2)
    rspec-mocks (2.8.0)
    sequel (3.43.0)
    shotgun (0.9)
      rack (>= 1.0)
    state_machine (1.1.2)
    systemu (2.5.2)
    uuid (2.3.7)
      macaddr (~> 1.0)
    virtus (0.2.0)
    yard (0.8.3)
    yard-rspec (0.1)
      yard

PLATFORMS
  ruby

DEPENDENCIES
  debugger
  debugger-completion
  lims-core!
  lims-messagebusclient!
  rake
  rspec (~> 2.8.0)
  shotgun
  yard (>= 0.7.0)
  yard-rspec (= 0.1)
